Brain Vision Data Exchange Header File Version 1.0
; Data created from the EEGLAB software

[Common Infos]
DataFile=P25BDF.dat
MarkerFile=P25BDF.vmrk
DataFormat=BINARY
; Data orientation: VECTORIZED=ch1,pt1, ch1,pt2..., MULTIPLEXED=ch1,pt1, ch2,pt1 ...
DataOrientation=VECTORIZED
DataType=TIMEDOMAIN
NumberOfChannels=11
DataPoints=1245261
; Sampling interval in microseconds if time domain (convert to Hertz:
; 1000000 / SamplingInterval) or in Hertz if frequency domain:
SamplingInterval=2000

[Binary Infos]
BinaryFormat=IEEE_FLOAT_32

[Channel Infos]
; Each entry: Ch<Channel number>=<Name>,<Reference channel name>,
; <Resolution in microvolts>,<Future extensions..
; Fields are delimited by commas, some fields might be omited (empty).
; Commas in channel names are coded as "".
Ch1=Fp1,, 
Ch2=Fz,, 
Ch3=F3,, 
Ch4=F7,, 
Ch5=F9,, 
Ch6=FC5,, 
Ch7=FC1,, 
Ch8=C3,, 
Ch9=ACC_X,, 
Ch10=ACC_Y,, 
Ch11=ACC_Z,, 

